GEM
  remote: https://rubygems.org/
  specs:
    activesupport (7.0.3.1)
      concurrent-ruby (~> 1.0, >= 1.0.2)
      i18n (>= 1.6, < 2)
      minitest (>= 5.1)
      tzinfo (~> 2.0)
    coderay (1.1.3)
    concurrent-ruby (1.1.10)
    et-orbi (1.2.7)
      tzinfo
    fugit (1.6.0)
      et-orbi (~> 1, >= 1.2.7)
      raabro (~> 1.4)
    i18n (1.12.0)
      concurrent-ruby (~> 1.0)
    logstash-event (1.2.02)
    logstash-logger (0.26.1)
      logstash-event (~> 1.2)
    method_source (1.0.0)
    minitest (5.16.3)
    net-ping (2.0.8)
    pry (0.14.1)
      coderay (~> 1.1)
      method_source (~> 1.0)
    raabro (1.4.0)
    resolv (0.2.1)
    rufus-scheduler (3.8.2)
      fugit (~> 1.1, >= 1.1.6)
    tzinfo (2.0.5)
      concurrent-ruby (~> 1.0)

PLATFORMS
  arm64-darwin-21

DEPENDENCIES
  activesupport
  logstash-logger
  net-ping
  pry
  resolv
  rufus-scheduler

BUNDLED WITH
   2.3.17
